PATH
  remote: .
  specs:
    daodalus (0.0.3)
      active_support
      bson_ext (~> 1.8.0)
      mongo (~> 1.8.0)
      wendy

GEM
  remote: https://rubygems.org/
  specs:
    active_support (3.0.0)
      activesupport (= 3.0.0)
    activesupport (3.0.0)
    bson (1.8.4)
    bson_ext (1.8.4)
      bson (~> 1.8.4)
    diff-lcs (1.1.3)
    mongo (1.8.4)
      bson (~> 1.8.4)
    multi_json (1.4.0)
    rake (10.0.2)
    rspec (2.12.0)
      rspec-core (~> 2.12.0)
      rspec-expectations (~> 2.12.0)
      rspec-mocks (~> 2.12.0)
    rspec-core (2.12.1)
    rspec-expectations (2.12.0)
      diff-lcs (~> 1.1.3)
    rspec-mocks (2.12.0)
    simplecov (0.7.1)
      multi_json (~> 1.0)
      simplecov-html (~> 0.7.1)
    simplecov-html (0.7.1)
    wendy (0.0.2)

PLATFORMS
  ruby

DEPENDENCIES
  daodalus!
  rake
  rspec
  simplecov
